GEM
  remote: http://rubygems.org/
  specs:
    activesupport (3.2.8)
      i18n (~> 0.6)
      multi_json (~> 1.0)
    i18n (0.6.1)
    json (1.7.5)
    multi_json (1.3.6)
    rack (1.4.1)
    rack-post-body-to-params (0.1.5)
      activesupport (>= 2.3)
    rack-protection (1.2.0)
      rack
    sequel (3.38.0)
    sinatra (1.3.2)
      rack (~> 1.3, >= 1.3.6)
      rack-protection (~> 1.2)
      tilt (~> 1.3, >= 1.3.3)
    sqlite3 (1.3.6)
    tilt (1.3.3)
    yajl-ruby (1.1.0)

PLATFORMS
  ruby

DEPENDENCIES
  activesupport
  json
  rack-post-body-to-params
  sequel
  sinatra
  sqlite3
  yajl-ruby
